GIT
  remote: git@github.com:verse-rb/verse-schema.git
  revision: 72f6254fcc53cff812c76e498553ae067dae2dc8
  branch: master
  specs:
    verse-schema (1.1.1)
      attr_chainable (~> 1.0)

PATH
  remote: .
  specs:
    verse-core (2.0.0)
      bigdecimal (>= 3.2.0)
      logger (>= 1.0)
      verse-schema (>= 1)

GEM
  remote: https://rubygems.org/
  specs:
    ast (2.4.3)
    attr_chainable (1.0.0)
    bigdecimal (3.2.2)
    bootsnap (1.18.6)
      msgpack (~> 1.2)
    coderay (1.1.3)
    diff-lcs (1.6.2)
    docile (1.4.1)
    json (2.12.2)
    language_server-protocol (3.17.0.5)
    lint_roller (1.1.0)
    logger (1.7.0)
    method_source (1.1.0)
    msgpack (1.8.0)
    parallel (1.27.0)
    parser (3.3.8.0)
      ast (~> 2.4.1)
      racc
    prism (1.4.0)
    pry (0.15.2)
      coderay (~> 1.1)
      method_source (~> 1.0)
    racc (1.8.1)
    rainbow (3.1.1)
    rake (13.3.0)
    regexp_parser (2.10.0)
    rspec (3.13.1)
      rspec-core (~> 3.13.0)
      rspec-expectations (~> 3.13.0)
      rspec-mocks (~> 3.13.0)
    rspec-core (3.13.4)
      rspec-support (~> 3.13.0)
    rspec-expectations (3.13.5)
      diff-lcs (>= 1.2.0, < 2.0)
      rspec-support (~> 3.13.0)
    rspec-mocks (3.13.5)
      diff-lcs (>= 1.2.0, < 2.0)
      rspec-support (~> 3.13.0)
    rspec-support (3.13.4)
    rubocop (1.76.2)
      json (~> 2.3)
      language_server-protocol (~> 3.17.0.2)
      lint_roller (~> 1.1.0)
      parallel (~> 1.10)
      parser (>= 3.3.0.2)
      rainbow (>= 2.2.2, < 4.0)
      regexp_parser (>= 2.9.3, < 3.0)
      rubocop-ast (>= 1.45.1, < 2.0)
      ruby-progressbar (~> 1.7)
      unicode-display_width (>= 2.4.0, < 4.0)
    rubocop-ast (1.45.1)
      parser (>= 3.3.7.2)
      prism (~> 1.4)
    ruby-progressbar (1.13.0)
    simplecov (0.22.0)
      docile (~> 1.1)
      simplecov-html (~> 0.11)
      simplecov_json_formatter (~> 0.1)
    simplecov-html (0.13.1)
    simplecov_json_formatter (0.1.4)
    unicode-display_width (3.1.4)
      unicode-emoji (~> 4.0, >= 4.0.4)
    unicode-emoji (4.0.4)

PLATFORMS
  x86_64-linux

DEPENDENCIES
  bigdecimal
  bootsnap (~> 1.17)
  pry
  racc (~> 1.7)
  rake (~> 13.0)
  rspec (~> 3.0)
  rubocop (~> 1.21)
  simplecov
  verse-core!
  verse-schema!

BUNDLED WITH
   2.3.16
